PATH
  remote: .
  specs:
    qa_release_tasks (2.2.2)
      mediawiki-gateway (= 0.6.2)
      pivotal-tracker

GEM
  remote: https://rubygems.org/
  remote: http://gems.idg.primedia.com/
  specs:
    activesupport (4.2.0)
      i18n (~> 0.7)
      json (~> 1.7, >= 1.7.7)
      minitest (~> 5.1)
      thread_safe (~> 0.3, >= 0.3.4)
      tzinfo (~> 1.1)
    builder (3.2.2)
    crack (0.4.2)
      safe_yaml (~> 1.0.0)
    diff-lcs (1.2.5)
    geminabox (0.12.2)
      builder
      httpclient (>= 2.2.7)
      nesty
      sinatra (>= 1.2.7)
    happymapper (0.4.1)
      libxml-ruby (~> 2.0)
    httpclient (2.3.4.1)
    i18n (0.7.0)
    json (1.8.2)
    libxml-ruby (2.8.0)
    mediawiki-gateway (0.6.2)
      activesupport
      rest-client (>= 1.3.0)
    mime-types (1.25.1)
    mini_portile (0.6.2)
    minitest (5.5.1)
    nesty (1.0.2)
    nokogiri (1.6.6.2)
      mini_portile (~> 0.6.0)
    nokogiri-happymapper (0.5.9)
      nokogiri (~> 1.5)
    pivotal-tracker (0.5.12)
      builder
      builder
      crack
      happymapper (>= 0.3.2)
      nokogiri (>= 1.4.3)
      nokogiri (>= 1.5.5)
      nokogiri-happymapper (>= 0.5.4)
      rest-client (~> 1.6.0)
      rest-client (~> 1.6.0)
    primedia (0.1.2)
      bundler (~> 1.3)
      geminabox
      rake
    rack (1.5.2)
    rack-protection (1.5.2)
      rack
    rake (10.4.2)
    rdoc (4.2.0)
      json (~> 1.4)
    rest-client (1.6.8)
      mime-types (~> 1.16)
      rdoc (>= 2.4.2)
    rspec (3.2.0)
      rspec-core (~> 3.2.0)
      rspec-expectations (~> 3.2.0)
      rspec-mocks (~> 3.2.0)
    rspec-core (3.2.2)
      rspec-support (~> 3.2.0)
    rspec-expectations (3.2.0)
      diff-lcs (>= 1.2.0, < 2.0)
      rspec-support (~> 3.2.0)
    rspec-mocks (3.2.1)
      diff-lcs (>= 1.2.0, < 2.0)
      rspec-support (~> 3.2.0)
    rspec-support (3.2.2)
    safe_yaml (1.0.4)
    sinatra (1.4.4)
      rack (~> 1.4)
      rack-protection (~> 1.4)
      tilt (~> 1.3, >= 1.3.4)
    thread_safe (0.3.5)
    tilt (1.4.1)
    tzinfo (1.2.2)
      thread_safe (~> 0.1)

PLATFORMS
  ruby

DEPENDENCIES
  primedia (~> 0)
  qa_release_tasks!
  rake (~> 10.4, >= 10.0)
  rspec (~> 3.2, >= 3.0.0)
