PATH
  remote: .
  specs:
    qa_release_tasks (2.0.0)
      mediawiki-gateway (= 0.5.1)
      pivotal-tracker

GEM
  remote: https://rubygems.org/
  specs:
    activesupport (4.0.4)
      i18n (~> 0.6, >= 0.6.9)
      minitest (~> 4.2)
      multi_json (~> 1.3)
      thread_safe (~> 0.1)
      tzinfo (~> 0.3.37)
    atomic (1.1.16)
    builder (3.2.2)
    crack (0.4.2)
      safe_yaml (~> 1.0.0)
    geminabox (0.12.2)
      builder
      httpclient (>= 2.2.7)
      nesty
      sinatra (>= 1.2.7)
    happymapper (0.4.1)
      libxml-ruby (~> 2.0)
    httpclient (2.3.4.1)
    i18n (0.6.9)
    libxml-ruby (2.7.0)
    mediawiki-gateway (0.5.1)
      activesupport
      rest-client (>= 1.3.0)
    mime-types (2.2)
    mini_portile (0.5.3)
    minitest (4.7.5)
    multi_json (1.9.2)
    nesty (1.0.2)
    nokogiri (1.6.1)
      mini_portile (~> 0.5.0)
    nokogiri-happymapper (0.5.9)
      nokogiri (~> 1.5)
    pivotal-tracker (0.5.12)
      builder
      builder
      crack
      happymapper (>= 0.3.2)
      nokogiri (>= 1.4.3)
      nokogiri (>= 1.5.5)
      nokogiri-happymapper (>= 0.5.4)
      rest-client (~> 1.6.0)
      rest-client (~> 1.6.0)
    primedia (0.1.2)
      bundler (~> 1.3)
      geminabox
      rake
    rack (1.5.2)
    rack-protection (1.5.2)
      rack
    rake (0.8.7)
    rest-client (1.6.7)
      mime-types (>= 1.16)
    rspec (1.3.0)
    safe_yaml (1.0.1)
    sinatra (1.4.4)
      rack (~> 1.4)
      rack-protection (~> 1.4)
      tilt (~> 1.3, >= 1.3.4)
    thread_safe (0.3.1)
      atomic (>= 1.1.7, < 2)
    tilt (1.4.1)
    tzinfo (0.3.39)

PLATFORMS
  ruby

DEPENDENCIES
  primedia
  qa_release_tasks!
  rake (>= 0.8.7)
  rspec (>= 1.3.0)
