PATH
  remote: .
  specs:
    qa_release_tasks (2.2.0)
      mediawiki-gateway (= 0.5.1)
      pivotal-tracker

GEM
  remote: https://rubygems.org/
  remote: http://gems.idg.primedia.com/
  specs:
    activesupport (4.1.4)
      i18n (~> 0.6, >= 0.6.9)
      json (~> 1.7, >= 1.7.7)
      minitest (~> 5.1)
      thread_safe (~> 0.1)
      tzinfo (~> 1.1)
    builder (3.2.2)
    crack (0.4.2)
      safe_yaml (~> 1.0.0)
    diff-lcs (1.2.5)
    geminabox (0.12.2)
      builder
      httpclient (>= 2.2.7)
      nesty
      sinatra (>= 1.2.7)
    happymapper (0.4.1)
      libxml-ruby (~> 2.0)
    httpclient (2.3.4.1)
    i18n (0.6.11)
    json (1.8.1)
    libxml-ruby (2.7.0)
    mediawiki-gateway (0.5.1)
      activesupport
      rest-client (>= 1.3.0)
    mime-types (1.25.1)
    mini_portile (0.6.0)
    minitest (5.4.0)
    nesty (1.0.2)
    nokogiri (1.6.2.1)
      mini_portile (= 0.6.0)
    nokogiri-happymapper (0.5.9)
      nokogiri (~> 1.5)
    pivotal-tracker (0.5.12)
      builder
      crack
      happymapper (>= 0.3.2)
      nokogiri (>= 1.4.3)
      nokogiri (>= 1.4.3)
      nokogiri (>= 1.4.3)
      nokogiri (>= 1.4.3)
      nokogiri (>= 1.5.5)
      nokogiri (>= 1.5.5)
      nokogiri (>= 1.5.5)
      nokogiri-happymapper (>= 0.5.4)
      rest-client (~> 1.6.0)
    primedia (0.1.2)
      bundler (~> 1.3)
      geminabox
      rake
    rack (1.5.2)
    rack-protection (1.5.2)
      rack
    rake (0.8.7)
    rdoc (4.1.1)
      json (~> 1.4)
    rest-client (1.6.8)
      mime-types (~> 1.16)
      rdoc (>= 2.4.2)
    rspec (2.14.1)
      rspec-core (~> 2.14.0)
      rspec-expectations (~> 2.14.0)
      rspec-mocks (~> 2.14.0)
    rspec-core (2.14.8)
    rspec-expectations (2.14.5)
      diff-lcs (>= 1.1.3, < 2.0)
    rspec-mocks (2.14.6)
    safe_yaml (1.0.3)
    sinatra (1.4.4)
      rack (~> 1.4)
      rack-protection (~> 1.4)
      tilt (~> 1.3, >= 1.3.4)
    thread_safe (0.3.4)
    tilt (1.4.1)
    tzinfo (1.2.1)
      thread_safe (~> 0.1)

PLATFORMS
  ruby

DEPENDENCIES
  primedia
  qa_release_tasks!
  rake (>= 0.8.7)
  rspec (>= 1.3.0)
